STORAGE: NONE
RESTRICTION: || (== net5.0) (== net6.0) (== net7.0)
NUGET
  remote: https://api.nuget.org/v3/index.json
    Argu (6.1.1)
      FSharp.Core (>= 4.3.2)
      System.Configuration.ConfigurationManager (>= 4.4)
    coverlet.collector (6.0)
    FSharp.Compiler.Service (43.7.300)
      FSharp.Core (7.0.300)
      System.Buffers (>= 4.5.1)
      System.Collections.Immutable (>= 6.0)
      System.Diagnostics.DiagnosticSource (>= 6.0)
      System.Memory (>= 4.5.5)
      System.Reflection.Emit (>= 4.7)
      System.Reflection.Metadata (>= 6.0.1)
      System.Runtime.CompilerServices.Unsafe (>= 6.0)
    FSharp.Core (7.0.300)
    Iced (1.18)
    ICSharpCode.Decompiler (8.0.0.7345)
      System.Collections.Immutable (>= 6.0)
      System.Reflection.Metadata (>= 6.0)
    Microsoft.Bcl.AsyncInterfaces (7.0) - restriction: || (== net5.0) (&& (== net7.0) (< net6.0))
    Microsoft.CodeCoverage (17.6)
    Microsoft.Diagnostics.NETCore.Client (0.2.421201)
      Microsoft.Bcl.AsyncInterfaces (>= 1.1) - restriction: || (== net5.0) (&& (== net7.0) (< net6.0))
      Microsoft.Extensions.Logging (>= 2.1.1)
    Microsoft.Diagnostics.Runtime (2.4.416101)
      Microsoft.Diagnostics.NETCore.Client (>= 0.2.251802)
      System.Collections.Immutable (>= 5.0)
      System.Runtime.CompilerServices.Unsafe (>= 5.0)
    Microsoft.Extensions.DependencyInjection (7.0)
      Microsoft.Extensions.DependencyInjection.Abstractions (>= 7.0)
    Microsoft.Extensions.DependencyInjection.Abstractions (7.0)
    Microsoft.Extensions.Logging (7.0)
      Microsoft.Extensions.DependencyInjection (>= 7.0)
      Microsoft.Extensions.DependencyInjection.Abstractions (>= 7.0)
      Microsoft.Extensions.Logging.Abstractions (>= 7.0)
      Microsoft.Extensions.Options (>= 7.0)
      System.Diagnostics.DiagnosticSource (>= 7.0) - restriction: || (== net5.0) (&& (== net6.0) (>= net462)) (&& (== net6.0) (< netstandard2.1)) (&& (== net7.0) (>= net462)) (&& (== net7.0) (< net6.0)) (&& (== net7.0) (< netstandard2.1))
    Microsoft.Extensions.Logging.Abstractions (7.0)
      System.Buffers (>= 4.5.1) - restriction: || (== net5.0) (&& (== net6.0) (>= net462)) (&& (== net7.0) (>= net462)) (&& (== net7.0) (< net6.0))
      System.Memory (>= 4.5.5) - restriction: || (== net5.0) (&& (== net6.0) (>= net462)) (&& (== net7.0) (>= net462)) (&& (== net7.0) (< net6.0))
    Microsoft.Extensions.Options (7.0.1)
      Microsoft.Extensions.DependencyInjection.Abstractions (>= 7.0)
      Microsoft.Extensions.Primitives (>= 7.0)
    Microsoft.Extensions.Primitives (7.0)
      System.Memory (>= 4.5.5) - restriction: || (== net5.0) (&& (== net6.0) (>= net462)) (&& (== net7.0) (>= net462)) (&& (== net7.0) (< net6.0))
      System.Runtime.CompilerServices.Unsafe (>= 6.0) - restriction: || (== net5.0) (== net6.0) (&& (== net7.0) (>= net462)) (&& (== net7.0) (< net6.0))
    Microsoft.NET.Test.Sdk (17.6)
      Microsoft.CodeCoverage (>= 17.6)
      Microsoft.TestPlatform.TestHost (>= 17.6)
    Microsoft.NETCore.Platforms (7.0.2)
    Microsoft.NETCore.Targets (5.0)
    Microsoft.TestPlatform.ObjectModel (17.6)
      NuGet.Frameworks (>= 5.11)
      System.Reflection.Metadata (>= 1.6)
    Microsoft.TestPlatform.TestHost (17.6)
      Microsoft.TestPlatform.ObjectModel (>= 17.6)
      Newtonsoft.Json (>= 13.0.1)
    Microsoft.Win32.SystemEvents (7.0) - restriction: || (&& (== net5.0) (>= net6.0)) (== net6.0) (== net7.0)
    NETStandard.Library (2.0.3)
      Microsoft.NETCore.Platforms (>= 1.1)
    Newtonsoft.Json (13.0.3)
    NuGet.Frameworks (6.6)
    runtime.native.System (4.3.1)
      Microsoft.NETCore.Platforms (>= 1.1.1)
      Microsoft.NETCore.Targets (>= 1.1.3)
    System.Buffers (4.5.1)
    System.Collections.Immutable (7.0)
      System.Memory (>= 4.5.5) - restriction: || (== net5.0) (&& (== net6.0) (>= net462)) (&& (== net7.0) (>= net462)) (&& (== net7.0) (< net6.0))
      System.Runtime.CompilerServices.Unsafe (>= 6.0) - restriction: || (== net5.0) (== net6.0) (&& (== net7.0) (>= net462)) (&& (== net7.0) (< net6.0))
    System.Configuration.ConfigurationManager (7.0)
      System.Diagnostics.EventLog (>= 7.0) - restriction: || (&& (== net5.0) (>= net7.0)) (&& (== net6.0) (>= net7.0)) (== net7.0)
      System.Security.Cryptography.ProtectedData (>= 7.0)
      System.Security.Permissions (>= 7.0)
    System.Diagnostics.DiagnosticSource (7.0.2)
      System.Memory (>= 4.5.5) - restriction: || (== net5.0) (&& (== net6.0) (>= net462)) (&& (== net7.0) (>= net462)) (&& (== net7.0) (< net6.0))
      System.Runtime.CompilerServices.Unsafe (>= 6.0) - restriction: || (== net5.0) (== net6.0) (&& (== net7.0) (>= net462)) (&& (== net7.0) (< net6.0))
    System.Diagnostics.EventLog (7.0) - restriction: || (&& (== net5.0) (>= net7.0)) (&& (== net6.0) (>= net7.0)) (== net7.0)
    System.Drawing.Common (7.0) - restriction: || (&& (== net5.0) (>= net6.0)) (== net6.0) (== net7.0)
      Microsoft.Win32.SystemEvents (>= 7.0) - restriction: || (&& (== net5.0) (>= net6.0)) (== net6.0) (== net7.0)
    System.Globalization (4.3)
      Microsoft.NETCore.Platforms (>= 1.1)
      Microsoft.NETCore.Targets (>= 1.1)
      System.Runtime (>= 4.3)
    System.IO (4.3)
      Microsoft.NETCore.Platforms (>= 1.1)
      Microsoft.NETCore.Targets (>= 1.1)
      System.Runtime (>= 4.3)
      System.Text.Encoding (>= 4.3)
      System.Threading.Tasks (>= 4.3)
    System.Memory (4.5.5)
    System.Reflection (4.3)
      Microsoft.NETCore.Platforms (>= 1.1)
      Microsoft.NETCore.Targets (>= 1.1)
      System.IO (>= 4.3)
      System.Reflection.Primitives (>= 4.3)
      System.Runtime (>= 4.3)
    System.Reflection.Emit (4.7)
    System.Reflection.Extensions (4.3)
      Microsoft.NETCore.Platforms (>= 1.1)
      Microsoft.NETCore.Targets (>= 1.1)
      System.Reflection (>= 4.3)
      System.Runtime (>= 4.3)
    System.Reflection.Metadata (7.0.1)
      System.Collections.Immutable (>= 7.0)
      System.Memory (>= 4.5.5) - restriction: || (== net5.0) (&& (== net6.0) (>= net462)) (&& (== net7.0) (>= net462)) (&& (== net7.0) (< net6.0))
    System.Reflection.Primitives (4.3)
      Microsoft.NETCore.Platforms (>= 1.1)
      Microsoft.NETCore.Targets (>= 1.1)
      System.Runtime (>= 4.3)
    System.Resources.ResourceManager (4.3)
      Microsoft.NETCore.Platforms (>= 1.1)
      Microsoft.NETCore.Targets (>= 1.1)
      System.Globalization (>= 4.3)
      System.Reflection (>= 4.3)
      System.Runtime (>= 4.3)
    System.Runtime (4.3.1)
      Microsoft.NETCore.Platforms (>= 1.1.1)
      Microsoft.NETCore.Targets (>= 1.1.3)
    System.Runtime.CompilerServices.Unsafe (6.0)
    System.Runtime.Handles (4.3)
      Microsoft.NETCore.Platforms (>= 1.1)
      Microsoft.NETCore.Targets (>= 1.1)
      System.Runtime (>= 4.3)
    System.Runtime.InteropServices (4.3)
      Microsoft.NETCore.Platforms (>= 1.1)
      Microsoft.NETCore.Targets (>= 1.1)
      System.Reflection (>= 4.3)
      System.Reflection.Primitives (>= 4.3)
      System.Runtime (>= 4.3)
      System.Runtime.Handles (>= 4.3)
    System.Runtime.InteropServices.RuntimeInformation (4.3)
      runtime.native.System (>= 4.3)
      System.Reflection (>= 4.3)
      System.Reflection.Extensions (>= 4.3)
      System.Resources.ResourceManager (>= 4.3)
      System.Runtime (>= 4.3)
      System.Runtime.InteropServices (>= 4.3)
      System.Threading (>= 4.3)
    System.Security.AccessControl (6.0) - restriction: || (== net5.0) (&& (== net6.0) (>= net462)) (&& (== net7.0) (>= net462)) (&& (== net7.0) (< net6.0))
      System.Security.Principal.Windows (>= 5.0) - restriction: || (== net5.0) (&& (== net6.0) (>= net461)) (&& (== net7.0) (>= net461)) (&& (== net7.0) (< net6.0))
    System.Security.Cryptography.ProtectedData (7.0.1)
      System.Memory (>= 4.5.5) - restriction: || (== net5.0) (&& (== net7.0) (< net6.0))
    System.Security.Permissions (7.0)
      System.Security.AccessControl (>= 6.0) - restriction: || (== net5.0) (&& (== net6.0) (>= net462)) (&& (== net7.0) (>= net462)) (&& (== net7.0) (< net6.0))
      System.Windows.Extensions (>= 7.0) - restriction: || (&& (== net5.0) (>= net6.0)) (== net6.0) (== net7.0)
    System.Security.Principal.Windows (5.0) - restriction: || (== net5.0) (&& (== net6.0) (>= net462)) (&& (== net7.0) (>= net461)) (&& (== net7.0) (>= net462)) (&& (== net7.0) (< net6.0))
    System.Text.Encoding (4.3)
      Microsoft.NETCore.Platforms (>= 1.1)
      Microsoft.NETCore.Targets (>= 1.1)
      System.Runtime (>= 4.3)
    System.Threading (4.3)
      System.Runtime (>= 4.3)
      System.Threading.Tasks (>= 4.3)
    System.Threading.Tasks (4.3)
      Microsoft.NETCore.Platforms (>= 1.1)
      Microsoft.NETCore.Targets (>= 1.1)
      System.Runtime (>= 4.3)
    System.Windows.Extensions (7.0) - restriction: || (&& (== net5.0) (>= net6.0)) (== net6.0) (== net7.0)
      System.Drawing.Common (>= 7.0) - restriction: || (&& (== net5.0) (>= net6.0)) (== net6.0) (== net7.0)
    xunit (2.4.2)
      xunit.analyzers (>= 1.0)
      xunit.assert (>= 2.4.2)
      xunit.core (2.4.2)
    xunit.abstractions (2.0.3)
    xunit.analyzers (1.1)
    xunit.assert (2.4.2)
      NETStandard.Library (>= 1.6.1)
    xunit.core (2.4.2)
      xunit.extensibility.core (2.4.2)
      xunit.extensibility.execution (2.4.2)
    xunit.extensibility.core (2.4.2)
      NETStandard.Library (>= 1.6.1)
      xunit.abstractions (>= 2.0.3)
    xunit.extensibility.execution (2.4.2)
      NETStandard.Library (>= 1.6.1)
      xunit.extensibility.core (2.4.2)
    xunit.runner.visualstudio (2.4.5)
